PATH
  remote: ../../../tmp-rdl/rdl
  specs:
    rdl (2.2.0)
      colorize (~> 0.8, >= 0.8.1)
      method_source
      parlour (~> 2.1.0, >= 2.1.0)
      parser (~> 2.3, >= 2.3.1.4)
      rake (~> 13.0, >= 13.0.1)
      sql-parser (~> 0.0.2)

GEM
  remote: https://rubygems.org/
  specs:
    actionmailer (6.0.0)
      actionpack (= 6.0.0)
      actionview (= 6.0.0)
      activejob (= 6.0.0)
      mail (~> 2.5, >= 2.5.4)
      rails-dom-testing (~> 2.0)
    actionpack (6.0.0)
      actionview (= 6.0.0)
      activesupport (= 6.0.0)
      rack (~> 2.0)
      rack-test (>= 0.6.3)
      rails-dom-testing (~> 2.0)
      rails-html-sanitizer (~> 1.0, >= 1.2.0)
    actionview (6.0.0)
      activesupport (= 6.0.0)
      builder (~> 3.1)
      erubi (~> 1.4)
      rails-dom-testing (~> 2.0)
      rails-html-sanitizer (~> 1.1, >= 1.2.0)
    active_model_serializers (0.8.4)
      activemodel (>= 3.0)
    activejob (6.0.0)
      activesupport (= 6.0.0)
      globalid (>= 0.3.6)
    activemodel (6.0.0)
      activesupport (= 6.0.0)
    activerecord (6.0.0)
      activemodel (= 6.0.0)
      activesupport (= 6.0.0)
    activesupport (6.0.0)
      concurrent-ruby (~> 1.0, >= 1.0.2)
      i18n (>= 0.7, < 2)
      minitest (~> 5.1)
      tzinfo (~> 1.1)
      zeitwerk (~> 2.1, >= 2.1.8)
    addressable (2.7.0)
      public_suffix (>= 2.0.2, < 5.0)
    annotate (3.1.1)
      activerecord (>= 3.2, < 7.0)
      rake (>= 10.4, < 14.0)
    ast (2.4.1)
    aws-eventstream (1.1.0)
    aws-partitions (1.359.0)
    aws-sdk-core (3.105.0)
      aws-eventstream (~> 1, >= 1.0.2)
      aws-partitions (~> 1, >= 1.239.0)
      aws-sigv4 (~> 1.1)
      jmespath (~> 1.0)
    aws-sdk-kms (1.37.0)
      aws-sdk-core (~> 3, >= 3.99.0)
      aws-sigv4 (~> 1.1)
    aws-sdk-s3 (1.79.0)
      aws-sdk-core (~> 3, >= 3.104.3)
      aws-sdk-kms (~> 1)
      aws-sigv4 (~> 1.1)
    aws-sdk-sns (1.30.0)
      aws-sdk-core (~> 3, >= 3.99.0)
      aws-sigv4 (~> 1.1)
    aws-sigv4 (1.2.2)
      aws-eventstream (~> 1, >= 1.0.2)
    barber (0.12.2)
      ember-source (>= 1.0, < 3.1)
      execjs (>= 1.2, < 3)
    better_errors (2.7.1)
      coderay (>= 1.0.0)
      erubi (>= 1.0.0)
      rack (>= 0.9.0)
    bigdecimal (2.0.0)
    binding_of_caller (0.8.0)
      debug_inspector (>= 0.0.1)
    bootsnap (1.4.8)
      msgpack (~> 1.0)
    builder (3.2.4)
    bullet (6.1.0)
      activesupport (>= 3.0.0)
      uniform_notifier (~> 1.11)
    byebug (11.1.3)
    certified (1.0.0)
    chunky_png (1.3.12)
    coderay (1.1.3)
    colored2 (3.1.2)
    colorize (0.8.1)
    commander (4.5.2)
      highline (~> 2.0.0)
    concurrent-ruby (1.1.7)
    connection_pool (2.2.3)
    cppjieba_rb (0.3.3)
    crack (0.4.3)
      safe_yaml (~> 1.0.0)
    crass (1.0.6)
    css_parser (1.7.1)
      addressable
    debug_inspector (0.0.3)
    diff-lcs (1.4.4)
    diffy (3.4.0)
    discourse-ember-source (3.10.2.0)
    discourse_image_optim (0.26.2)
      exifr (~> 1.2, >= 1.2.2)
      fspath (~> 3.0)
      image_size (~> 1.5)
      in_threads (~> 1.3)
      progress (~> 3.0, >= 3.0.1)
    docile (1.3.2)
    email_reply_trimmer (0.1.13)
    ember-data-source (3.0.2)
      ember-source (>= 2, < 3.0)
    ember-handlebars-template (0.8.0)
      barber (>= 0.11.0)
      sprockets (>= 3.3, < 4.1)
    ember-rails (0.18.5)
      active_model_serializers
      ember-data-source (>= 1.0.0.beta.5)
      ember-handlebars-template (>= 0.1.1, < 1.0)
      ember-source (>= 1.1.0)
      jquery-rails (>= 1.0.17)
      railties (>= 3.1)
    ember-source (2.18.2)
    erubi (1.9.0)
    excon (0.76.0)
    execjs (2.7.0)
    exifr (1.3.6)
    fabrication (2.21.1)
    fakeweb (1.3.0)
    faraday (1.0.1)
      multipart-post (>= 1.2, < 3)
    fast_blank (1.0.0)
    fast_xor (1.1.3)
      rake
      rake-compiler
    fast_xs (0.8.0)
    fastimage (2.2.0)
    ffi (1.13.1)
    flamegraph (0.9.5)
    fspath (3.1.2)
    gc_tracer (1.5.1)
    globalid (0.4.2)
      activesupport (>= 4.2.0)
    guess_html_encoding (0.0.11)
    hashdiff (1.0.1)
    hashie (4.1.0)
    highline (2.0.3)
    hiredis (0.6.3)
    hkdf (0.3.0)
    htmlentities (4.3.4)
    http_accept_language (2.0.5)
    i18n (1.8.5)
      concurrent-ruby (~> 1.0)
    image_size (1.5.0)
    in_threads (1.5.4)
    jmespath (1.4.0)
    jquery-rails (4.4.0)
      rails-dom-testing (>= 1, < 3)
      railties (>= 4.2.0)
      thor (>= 0.14, < 2.0)
    jwt (2.2.2)
    kgio (2.11.3)
    libv8 (8.4.255.0)
    listen (3.2.1)
      rb-fsevent (~> 0.10, >= 0.10.3)
      rb-inotify (~> 0.9, >= 0.9.10)
    lograge (0.11.2)
      actionpack (>= 4)
      activesupport (>= 4)
      railties (>= 4)
      request_store (~> 1.0)
    logstash-event (1.2.02)
    logstash-logger (0.26.1)
      logstash-event (~> 1.2)
    logster (2.9.3)
    loofah (2.6.0)
      crass (~> 1.0.2)
      nokogiri (>= 1.5.9)
    lru_redux (1.1.0)
    lz4-ruby (0.3.3)
    mail (2.7.1)
      mini_mime (>= 0.1.1)
    maxminddb (0.1.22)
    memory_profiler (0.9.14)
    message_bus (3.3.1)
      rack (>= 1.1.3)
    method_source (0.9.2)
    mini_mime (1.0.2)
    mini_portile2 (2.4.0)
    mini_racer (0.3.1)
      libv8 (~> 8.4.255)
    mini_scheduler (0.12.2)
      sidekiq
    mini_sql (0.3)
    mini_suffix (0.3.0)
      ffi (~> 1.9)
    minitest (5.14.1)
    mocha (1.11.2)
    mock_redis (0.25.0)
    moneta (1.4.0)
    msgpack (1.3.3)
    multi_json (1.15.0)
    multi_xml (0.6.0)
    multipart-post (2.1.1)
    mustache (1.1.1)
    nio4r (2.5.2)
    nokogiri (1.10.10)
      mini_portile2 (~> 2.4.0)
    nokogumbo (2.0.2)
      nokogiri (~> 1.8, >= 1.8.4)
    oauth (0.5.4)
    oauth2 (1.4.4)
      faraday (>= 0.8, < 2.0)
      jwt (>= 1.0, < 3.0)
      multi_json (~> 1.3)
      multi_xml (~> 0.5)
      rack (>= 1.2, < 3)
    oj (3.10.12)
      bigdecimal (>= 1.0, < 3)
    omniauth (1.9.1)
      hashie (>= 3.4.6)
      rack (>= 1.6.2, < 3)
    omniauth-facebook (7.0.0)
      omniauth-oauth2 (~> 1.2)
    omniauth-github (1.4.0)
      omniauth (~> 1.5)
      omniauth-oauth2 (>= 1.4.0, < 2.0)
    omniauth-google-oauth2 (0.8.0)
      jwt (>= 2.0)
      omniauth (>= 1.1.1)
      omniauth-oauth2 (>= 1.6)
    omniauth-instagram (1.3.0)
      omniauth (~> 1)
      omniauth-oauth2 (~> 1)
    omniauth-oauth (1.1.0)
      oauth
      omniauth (~> 1.0)
    omniauth-oauth2 (1.7.0)
      oauth2 (~> 1.4)
      omniauth (~> 1.9)
    omniauth-openid (1.0.1)
      omniauth (~> 1.0)
      rack-openid (~> 1.3.1)
    omniauth-twitter (1.4.0)
      omniauth-oauth (~> 1.1)
      rack
    onebox (1.9.13)
      htmlentities (~> 4.3)
      moneta (~> 1.0)
      multi_json (~> 1.11)
      mustache
      nokogiri (~> 1.7)
      sanitize
    openid-redis-store (0.0.2)
      redis
      ruby-openid
    optimist (3.0.1)
    parallel (1.19.2)
    parallel_tests (3.1.0)
      parallel
    parlour (2.1.0)
      commander (~> 4.5)
      parser
      rainbow (~> 3.0)
      sorbet-runtime (>= 0.5)
    parser (2.7.1.4)
      ast (~> 2.4.1)
    pg (1.2.3)
    progress (3.5.2)
    pry (0.12.2)
      coderay (~> 1.1.0)
      method_source (~> 0.9.0)
    pry-nav (0.3.0)
      pry (>= 0.9.10, < 0.13.0)
    pry-rails (0.3.9)
      pry (>= 0.10.4)
    public_suffix (4.0.5)
    puma (4.3.5)
      nio4r (~> 2.0)
    r2 (0.2.7)
    racc (1.5.0)
    rack (2.2.3)
    rack-mini-profiler (2.0.4)
      rack (>= 1.2.0)
    rack-openid (1.3.1)
      rack (>= 1.1.0)
      ruby-openid (>= 2.1.8)
    rack-protection (2.0.8.1)
      rack
    rack-test (1.1.0)
      rack (>= 1.0, < 3)
    rails-dom-testing (2.0.3)
      activesupport (>= 4.2.0)
      nokogiri (>= 1.6)
    rails-html-sanitizer (1.3.0)
      loofah (~> 2.3)
    rails_multisite (2.3.0)
      activerecord (> 5.0, < 7)
      railties (> 5.0, < 7)
    railties (6.0.0)
      actionpack (= 6.0.0)
      activesupport (= 6.0.0)
      method_source
      rake (>= 0.8.7)
      thor (>= 0.20.3, < 2.0)
    rainbow (3.0.0)
    raindrops (0.19.1)
    rake (13.0.1)
    rake-compiler (1.1.1)
      rake
    rb-fsevent (0.10.4)
    rb-inotify (0.10.1)
      ffi (~> 1.0)
    rbtrace (0.4.14)
      ffi (>= 1.0.6)
      msgpack (>= 0.4.3)
      optimist (>= 3.0.0)
    rchardet (1.8.0)
    redis (4.0.1)
    redis-namespace (1.8.0)
      redis (>= 3.0.4)
    regexp_parser (1.7.1)
    request_store (1.5.0)
      rack (>= 1.4)
    rexml (3.2.4)
    rinku (2.0.6)
    rotp (6.1.0)
    rqrcode (1.1.2)
      chunky_png (~> 1.0)
      rqrcode_core (~> 0.1)
    rqrcode_core (0.1.2)
    rspec (3.9.0)
      rspec-core (~> 3.9.0)
      rspec-expectations (~> 3.9.0)
      rspec-mocks (~> 3.9.0)
    rspec-core (3.9.2)
      rspec-support (~> 3.9.3)
    rspec-expectations (3.9.2)
      diff-lcs (>= 1.2.0, < 2.0)
      rspec-support (~> 3.9.0)
    rspec-html-matchers (0.9.2)
      nokogiri (~> 1)
      rspec (>= 3.0.0.a, < 4)
    rspec-mocks (3.9.1)
      diff-lcs (>= 1.2.0, < 2.0)
      rspec-support (~> 3.9.0)
    rspec-rails (4.0.0.beta2)
      actionpack (>= 4.2)
      activesupport (>= 4.2)
      railties (>= 4.2)
      rspec-core (~> 3.8)
      rspec-expectations (~> 3.8)
      rspec-mocks (~> 3.8)
      rspec-support (~> 3.8)
    rspec-support (3.9.3)
    rtlit (0.0.5)
    rubocop (0.89.1)
      parallel (~> 1.10)
      parser (>= 2.7.1.1)
      rainbow (>= 2.2.2, < 4.0)
      regexp_parser (>= 1.7)
      rexml
      rubocop-ast (>= 0.3.0, < 1.0)
      ruby-progressbar (~> 1.7)
      unicode-display_width (>= 1.4.0, < 2.0)
    rubocop-ast (0.3.0)
      parser (>= 2.7.1.4)
    ruby-openid (2.9.2)
    ruby-prof (1.4.1)
    ruby-progressbar (1.10.1)
    ruby-readability (0.7.0)
      guess_html_encoding (>= 0.0.4)
      nokogiri (>= 1.6.0)
    rubyzip (2.3.0)
    safe_yaml (1.0.5)
    sanitize (5.2.1)
      crass (~> 1.0.2)
      nokogiri (>= 1.8.0)
      nokogumbo (~> 2.0)
    sassc (2.4.0)
      ffi (~> 1.9)
    sassc-rails (2.1.2)
      railties (>= 4.0.0)
      sassc (>= 2.0)
      sprockets (> 3.0)
      sprockets-rails
      tilt
    seed-fu (2.3.9)
      activerecord (>= 3.1)
      activesupport (>= 3.1)
    shoulda-matchers (3.1.3)
      activesupport (>= 4.0.0)
    sidekiq (5.2.9)
      connection_pool (~> 2.2, >= 2.2.2)
      rack (~> 2.0)
      rack-protection (>= 1.5.0)
      redis (>= 3.3.5, < 4.2)
    simplecov (0.19.0)
      docile (~> 1.1)
      simplecov-html (~> 0.11)
    simplecov-html (0.12.2)
    sorbet-runtime (0.5.5879)
    sprockets (3.7.2)
      concurrent-ruby (~> 1.0)
      rack (> 1, < 3)
    sprockets-rails (3.2.1)
      actionpack (>= 4.0)
      activesupport (>= 4.0)
      sprockets (>= 3.0.0)
    sql-parser (0.0.2)
      racc
    sshkey (2.0.0)
    stackprof (0.2.15)
    test-prof (0.12.0)
    thor (1.0.1)
    thread_safe (0.3.6)
    tilt (2.0.10)
    tzinfo (1.2.7)
      thread_safe (~> 0.1)
    uglifier (4.2.0)
      execjs (>= 0.3.0, < 3)
    unf (0.1.4)
      unf_ext
    unf_ext (0.0.7.7)
    unicode-display_width (1.7.0)
    unicorn (5.6.0)
      kgio (~> 2.6)
      raindrops (~> 0.7)
    uniform_notifier (1.13.0)
    webmock (3.8.3)
      addressable (>= 2.3.6)
      crack (>= 0.3.2)
      hashdiff (>= 0.4.0, < 2.0.0)
    webpush (1.0.0)
      hkdf (~> 0.2)
      jwt (~> 2.0)
    yaml-lint (0.0.10)
    zeitwerk (2.4.0)

PLATFORMS
  ruby

DEPENDENCIES
  actionmailer (= 6.0.0)
  actionpack (= 6.0.0)
  actionview (= 6.0.0)
  active_model_serializers (~> 0.8.3)
  activemodel (= 6.0.0)
  activerecord (= 6.0.0)
  activesupport (= 6.0.0)
  annotate
  aws-sdk-s3
  aws-sdk-sns
  barber
  better_errors
  binding_of_caller
  bootsnap
  bullet
  byebug
  certified
  colored2
  cppjieba_rb
  css_parser
  diffy
  discourse-ember-source (~> 3.10.0)
  discourse_image_optim
  email_reply_trimmer (~> 0.1)
  ember-handlebars-template (= 0.8.0)
  ember-rails (= 0.18.5)
  excon
  execjs
  fabrication
  fakeweb (~> 1.3.0)
  fast_blank
  fast_xor
  fast_xs
  fastimage
  flamegraph
  gc_tracer
  highline
  hiredis
  htmlentities
  http_accept_language (~> 2.0.5)
  listen
  lograge
  logstash-event
  logstash-logger
  logster
  lru_redux
  lz4-ruby
  mail
  maxminddb
  memory_profiler
  message_bus
  mini_mime
  mini_racer
  mini_scheduler
  mini_sql
  mini_suffix
  minitest
  mocha
  mock_redis
  multi_json
  mustache
  nokogiri
  oj
  omniauth
  omniauth-facebook
  omniauth-github
  omniauth-google-oauth2
  omniauth-instagram
  omniauth-oauth2
  omniauth-openid
  omniauth-twitter
  onebox (= 1.9.13)
  openid-redis-store
  parallel_tests
  pg
  pry-nav
  pry-rails
  puma
  r2 (~> 0.2.5)
  rack-mini-profiler
  rack-protection
  rails_multisite
  railties (= 6.0.0)
  rake
  rb-fsevent
  rb-inotify (~> 0.9)
  rbtrace
  rchardet
  rdl!
  redis (= 4.0.1)
  redis-namespace
  rinku
  rotp
  rqrcode
  rspec
  rspec-html-matchers
  rspec-rails (= 4.0.0.beta2)
  rtlit
  rubocop
  ruby-prof
  ruby-readability
  rubyzip
  sanitize
  sassc
  sassc-rails
  seed-fu
  shoulda-matchers (~> 3.1, >= 3.1.3)
  sidekiq
  simplecov
  sprockets (= 3.7.2)
  sprockets-rails
  sshkey
  stackprof
  test-prof
  thor
  tilt
  uglifier
  unf
  unicorn
  webmock
  webpush
  yaml-lint

BUNDLED WITH
   1.17.3
